GIT
  remote: git://github.com/sam/harbor.git
  revision: d4c16eaa060095013cdd177157688bc0d1557325
  specs:
    harbor (1.0)
      logging
      mime-types
      sprockets
      tilt
      uuidtools

GEM
  remote: http://rubygems.org/
  specs:
    RedCloth (4.2.9)
    RedCloth (4.2.9-java)
    bcrypt-ruby (3.0.1)
    bcrypt-ruby (3.0.1-java)
    chronic (0.7.0)
    couchrest (1.1.3)
      mime-types (~> 1.15)
      multi_json (~> 1.0)
      rest-client (~> 1.6.1)
    erubis (2.7.0)
    ffaker (1.15.0)
    ffi (1.1.5)
    ffi (1.1.5-java)
    hike (1.2.1)
    jruby-rack (1.1.7)
    json (1.5.0)
    json (1.5.0-java)
    json-jruby (1.5.0-java)
      json (= 1.5.0)
    listen (0.4.7)
      rb-fchange (~> 0.0.5)
      rb-fsevent (~> 0.9.1)
      rb-inotify (~> 0.8.8)
    little-plugger (1.1.3)
    logging (1.7.2)
      little-plugger (>= 1.1.3)
    mime-types (1.19)
    minitest (3.3.0)
    minitest-wscolor (0.0.3)
      minitest (>= 2.3.1)
    multi_json (1.3.6)
    rack (1.4.1)
    rb-fchange (0.0.5)
      ffi
    rb-fsevent (0.9.1)
    rb-inotify (0.8.8)
      ffi (>= 0.5.0)
    rest-client (1.6.7)
      mime-types (>= 1.16)
    rjack-logback (1.4.0-java)
      rjack-slf4j (~> 1.6.0)
    rjack-slf4j (1.6.6.0-java)
    sprockets (2.4.5)
      hike (~> 1.2)
      multi_json (~> 1.0)
      rack (~> 1.0)
      tilt (~> 1.1, != 1.3.0)
    stringex (1.4.0)
    tilt (1.3.3)
    uuidtools (2.1.3)

PLATFORMS
  java
  ruby

DEPENDENCIES
  RedCloth
  bcrypt-ruby
  chronic
  couchrest
  erubis
  ffaker
  harbor!
  jruby-rack
  json-jruby
  listen
  minitest
  minitest-wscolor
  rjack-logback
  stringex
