GIT
  remote: git://github.com/sam/harbor.git
  revision: d4c16eaa060095013cdd177157688bc0d1557325
  specs:
    harbor (1.0)
      logging
      mime-types
      sprockets
      tilt
      uuidtools

GEM
  remote: http://rubygems.org/
  specs:
    RedCloth (4.2.9)
    RedCloth (4.2.9-java)
    bcrypt-ruby (3.0.1)
    bcrypt-ruby (3.0.1-java)
    chronic (0.6.6)
    erubis (2.7.0)
    hike (1.2.1)
    jruby-rack (1.1.6)
    json (1.6.5)
    json (1.6.5-java)
    little-plugger (1.1.3)
    logging (1.7.2)
      little-plugger (>= 1.1.3)
    macaddr (1.5.0)
      systemu (>= 2.4.0)
    mime-types (1.19)
    multi_json (1.3.6)
    rack (1.4.1)
    rest-client (1.6.7)
      mime-types (>= 1.16)
    sprockets (2.4.5)
      hike (~> 1.2)
      multi_json (~> 1.0)
      rack (~> 1.0)
      tilt (~> 1.1, != 1.3.0)
    stringex (1.3.0)
    systemu (2.4.2)
    tilt (1.3.3)
    uuid (2.3.5)
      macaddr (~> 1.0)
    uuidtools (2.1.3)

PLATFORMS
  java
  ruby

DEPENDENCIES
  RedCloth
  bcrypt-ruby
  chronic
  erubis
  harbor!
  jruby-rack
  json
  rest-client
  stringex
  uuid
